PATH
  remote: .
  specs:
    ember-newsflash (0.0.1)
      faye (~> 0.8.2)

GEM
  remote: https://rubygems.org/
  specs:
    addressable (2.2.7)
    coffee-script (2.2.0)
      coffee-script-source
      execjs
    coffee-script-source (1.3.1)
    cookiejar (0.3.0)
    diff-lcs (1.1.3)
    em-http-request (1.0.2)
      addressable (>= 2.2.3)
      cookiejar
      em-socksify
      eventmachine (>= 1.0.0.beta.4)
      http_parser.rb (>= 0.5.3)
    em-socksify (0.2.0)
      eventmachine (>= 1.0.0.beta.4)
    eventmachine (1.0.0.beta.4)
    execjs (1.3.0)
      multi_json (~> 1.0)
    faye (0.8.2)
      cookiejar (>= 0.3.0)
      em-http-request (>= 0.3.0)
      eventmachine (>= 0.12.0)
      faye-websocket (>= 0.4.0)
      rack (>= 1.0.0)
      yajl-ruby (>= 1.0.0)
    faye-websocket (0.4.5)
      eventmachine (>= 0.12.0)
    ffi (1.0.11)
    guard (1.0.1)
      ffi (>= 0.5.0)
      thor (~> 0.14.6)
    guard-bundler (0.1.3)
      bundler (>= 1.0.0)
      guard (>= 0.2.2)
    guard-coffeescript (0.5.7)
      coffee-script (>= 2.2.0)
      guard (>= 0.8.3)
    guard-cucumber-js (0.0.1)
      guard (>= 0.10.0)
    guard-rake (0.0.5)
      guard
      rake
    guard-rspec (0.7.0)
      guard (>= 0.10.0)
    guard-vows (0.0.2)
      guard (>= 0.10.0)
    http_parser.rb (0.5.3)
    libv8 (3.3.10.4)
    multi_json (1.3.1)
    rack (1.4.1)
    rake (0.9.2.2)
    rspec (2.9.0)
      rspec-core (~> 2.9.0)
      rspec-expectations (~> 2.9.0)
      rspec-mocks (~> 2.9.0)
    rspec-core (2.9.0)
    rspec-expectations (2.9.1)
      diff-lcs (~> 1.1.3)
    rspec-mocks (2.9.0)
    therubyracer (0.10.1)
      libv8 (~> 3.3.10)
    thor (0.14.6)
    yajl-ruby (1.1.0)

PLATFORMS
  ruby

DEPENDENCIES
  ember-newsflash!
  guard
  guard-bundler
  guard-coffeescript
  guard-cucumber-js
  guard-rake
  guard-rspec
  guard-vows
  rspec
  therubyracer
